GEM
  remote: https://rubygems.org/
  specs:
    em-websocket (0.5.0)
      eventmachine (>= 0.12.9)
      http_parser.rb (~> 0.5.3)
    event_emitter (0.2.5)
    eventmachine (1.0.3)
    http_parser.rb (0.5.3)
    websocket (1.1.1)

PLATFORMS
  ruby

DEPENDENCIES
  em-websocket
  event_emitter
  websocket
